GEM
  remote: https://rubygems.org/
  specs:
    activemodel (8.0.0)
      activesupport (= 8.0.0)
    activerecord (8.0.0)
      activemodel (= 8.0.0)
      activesupport (= 8.0.0)
      timeout (>= 0.4.0)
    activesupport (8.0.0)
      base64
      benchmark (>= 0.3)
      bigdecimal
      concurrent-ruby (~> 1.0, >= 1.3.1)
      connection_pool (>= 2.2.5)
      drb
      i18n (>= 1.6, < 2)
      logger (>= 1.4.2)
      minitest (>= 5.1)
      securerandom (>= 0.3)
      tzinfo (~> 2.0, >= 2.0.5)
      uri (>= 0.13.1)
    base64 (0.2.0)
    benchmark (0.4.0)
    bigdecimal (3.1.8)
    concurrent-ruby (1.3.4)
    connection_pool (2.4.1)
    drb (2.2.1)
    i18n (1.14.6)
      concurrent-ruby (~> 1.0)
    logger (1.6.1)
    minitest (5.25.2)
    rake (13.2.1)
    securerandom (0.3.2)
    sqlite3 (2.3.1-aarch64-linux-gnu)
    sqlite3 (2.3.1-aarch64-linux-musl)
    sqlite3 (2.3.1-arm-linux-gnu)
    sqlite3 (2.3.1-arm-linux-musl)
    sqlite3 (2.3.1-arm64-darwin)
    sqlite3 (2.3.1-x86-linux-gnu)
    sqlite3 (2.3.1-x86-linux-musl)
    sqlite3 (2.3.1-x86_64-darwin)
    sqlite3 (2.3.1-x86_64-linux-gnu)
    sqlite3 (2.3.1-x86_64-linux-musl)
    timeout (0.4.2)
    tzinfo (2.0.6)
      concurrent-ruby (~> 1.0)
    uri (1.0.2)

PLATFORMS
  aarch64-linux-gnu
  aarch64-linux-musl
  arm-linux-gnu
  arm-linux-musl
  arm64-darwin
  x86-linux-gnu
  x86-linux-musl
  x86_64-darwin
  x86_64-linux-gnu
  x86_64-linux-musl

DEPENDENCIES
  activerecord
  rake
  sqlite3

BUNDLED WITH
   2.5.23
